GEM
  remote: https://rubygems.org/
  specs:
    ffi (1.15.5)
    haml (6.1.1)
      temple (>= 0.8.2)
      thor
      tilt
    listen (3.8.0)
      rb-fsevent (~> 0.10, >= 0.10.3)
      rb-inotify (~> 0.9, >= 0.9.10)
    nio4r (2.5.8)
    puma (6.0.2)
      nio4r (~> 2.0)
    rack (3.0.4.1)
    rb-fsevent (0.11.2)
    rb-inotify (0.10.1)
      ffi (~> 1.0)
    rerun (0.14.0)
      listen (~> 3.0)
    roda (3.64.0)
      rack
    temple (0.10.0)
    thor (1.2.1)
    tilt (2.0.11)

PLATFORMS
  arm64-darwin-21

DEPENDENCIES
  haml
  puma
  rerun
  roda

BUNDLED WITH
   2.3.11
